GEM
  remote: https://rubygems.org/
  specs:
    ffi (1.17.2)
    ffi (1.17.2-arm64-darwin)
    ffi (1.17.2-x86-linux-gnu)
    ffi (1.17.2-x86_64-linux-gnu)
    libusb (0.7.2)
      ffi (~> 1.0)
      mini_portile2 (~> 2.1)
    mini_portile2 (2.8.9)

PLATFORMS
  arm64-darwin-23
  ruby
  x86-linux
  x86_64-linux

DEPENDENCIES
  libusb

BUNDLED WITH
   2.6.9
