GEM
  remote: https://rubygems.org/
  specs:
    ffi (1.16.3)
    libusb (0.6.4)
      ffi (~> 1.0)
      mini_portile2 (~> 2.1)
    libusb (0.6.4-x86-linux)
      ffi (~> 1.0)
    libusb (0.6.4-x86_64-linux)
      ffi (~> 1.0)
    mini_portile2 (2.8.5)

PLATFORMS
  arm64-darwin-23
  ruby
  x86-linux
  x86_64-linux

DEPENDENCIES
  libusb

BUNDLED WITH
   2.5.7
